GEM
  remote: https://rubygems.org/
  specs:
    diff-lcs (1.3)
    

PLATFORMS
  ruby

RUBY VERSION
   ruby 2.3.3

BUNDLED WITH
   1.16.1
