GEM
  remote: https://rubygems.org/
  specs:
    diff-lcs (1.3)
    

PLATFORMS
  x64-mingw32

DEPENDENCIES
  sinatra

RUBY VERSION
   ruby 2.3.3p222

BUNDLED WITH
   1.16.1
